GEM
  remote: http://rubygems.org/
  specs:
    css_parser (1.0.1)
    mime-types (1.16)
    nokogiri (1.4.3.1)
    rest-client (1.6.1)
      mime-types (>= 1.16)

PLATFORMS
  ruby

DEPENDENCIES
  css_parser
  nokogiri
  rest-client
